GEM
  remote: http://rubygems.org/
  specs:
    activesupport (3.1.3)
      multi_json (~> 1.0)
    addressable (2.2.7)
    bcrypt-ruby (3.0.1)
    coffee-script (2.2.0)
      coffee-script-source
      execjs
    coffee-script-source (1.2.0)
    data_objects (0.10.8)
      addressable (~> 2.1)
    diff-lcs (1.1.3)
    dm-aggregates (1.2.0)
      dm-core (~> 1.2.0)
    dm-constraints (1.2.0)
      dm-core (~> 1.2.0)
    dm-core (1.2.0)
      addressable (~> 2.2.6)
    dm-do-adapter (1.2.0)
      data_objects (~> 0.10.6)
      dm-core (~> 1.2.0)
    dm-migrations (1.2.0)
      dm-core (~> 1.2.0)
    dm-postgres-adapter (1.2.0)
      dm-do-adapter (~> 1.2.0)
      do_postgres (~> 0.10.6)
    dm-sqlite-adapter (1.2.0)
      dm-do-adapter (~> 1.2.0)
      do_sqlite3 (~> 0.10.6)
    dm-timestamps (1.2.0)
      dm-core (~> 1.2.0)
    dm-validations (1.2.0)
      dm-core (~> 1.2.0)
    do_postgres (0.10.8)
      data_objects (= 0.10.8)
    do_sqlite3 (0.10.8)
      data_objects (= 0.10.8)
    execjs (1.3.0)
      multi_json (~> 1.0)
    grit (2.4.1)
      diff-lcs (~> 1.1)
      mime-types (~> 1.15)
    haml (3.1.4)
    http_router (0.10.2)
      rack (>= 1.0.0)
      url_mount (~> 0.2.1)
    i18n (0.6.0)
    libv8 (3.3.10.4)
    mail (2.3.0)
      i18n (>= 0.4.0)
      mime-types (~> 1.16)
      treetop (~> 1.4.8)
    mime-types (1.17.2)
    multi_json (1.0.4)
    padrino (0.10.5)
      padrino-admin (= 0.10.5)
      padrino-cache (= 0.10.5)
      padrino-core (= 0.10.5)
      padrino-gen (= 0.10.5)
      padrino-helpers (= 0.10.5)
      padrino-mailer (= 0.10.5)
    padrino-admin (0.10.5)
      padrino-core (= 0.10.5)
      padrino-helpers (= 0.10.5)
    padrino-cache (0.10.5)
      padrino-core (= 0.10.5)
    padrino-core (0.10.5)
      activesupport (~> 3.1.0)
      http_router (~> 0.10.2)
      sinatra (~> 1.3.1)
      thor (~> 0.14.3)
      tilt (~> 1.3.0)
    padrino-gen (0.10.5)
      bundler (~> 1.0)
      grit (~> 2.4.1)
      padrino-core (= 0.10.5)
    padrino-helpers (0.10.5)
      i18n (~> 0.6)
      padrino-core (= 0.10.5)
    padrino-mailer (0.10.5)
      mail (~> 2.3.0)
      padrino-core (= 0.10.5)
    polyglot (0.3.3)
    rack (1.4.1)
    rack-coffee (0.9.1)
      rack
    rack-protection (1.2.0)
      rack
    rake (0.9.2.2)
    sass (3.1.15)
    sinatra (1.3.2)
      rack (~> 1.3, >= 1.3.6)
      rack-protection (~> 1.2)
      tilt (~> 1.3, >= 1.3.3)
    sinatra-flash (0.3.0)
      sinatra (>= 1.0.0)
    therubyracer (0.9.9)
      libv8 (~> 3.3.10)
    thor (0.14.6)
    tilt (1.3.3)
    treetop (1.4.10)
      polyglot
      polyglot (>= 0.3.1)
    url_mount (0.2.1)
      rack

PLATFORMS
  ruby

DEPENDENCIES
  bcrypt-ruby
  coffee-script
  dm-aggregates
  dm-constraints
  dm-core
  dm-migrations
  dm-postgres-adapter
  dm-sqlite-adapter
  dm-timestamps
  dm-validations
  haml
  padrino (= 0.10.5)
  rack-coffee
  rake
  sass
  sinatra-flash
  therubyracer
